GIT
  remote: git://github.com/joshua5201/japan_postal_code.git
  revision: 2ff54b8442bccce599c2aff12972005b29e181a1
  specs:
    japan_postal_code (0.1.0)

PATH
  remote: .
  specs:
    address_search (0.1.0)

GEM
  remote: https://rubygems.org/
  specs:
    diff-lcs (1.3)
    irb (1.0.0)
    rake (10.5.0)
    rspec (3.8.0)
      rspec-core (~> 3.8.0)
      rspec-expectations (~> 3.8.0)
      rspec-mocks (~> 3.8.0)
    rspec-core (3.8.0)
      rspec-support (~> 3.8.0)
    rspec-expectations (3.8.2)
      diff-lcs (>= 1.2.0, < 2.0)
      rspec-support (~> 3.8.0)
    rspec-mocks (3.8.0)
      diff-lcs (>= 1.2.0, < 2.0)
      rspec-support (~> 3.8.0)
    rspec-support (3.8.0)

PLATFORMS
  ruby

DEPENDENCIES
  address_search!
  bundler (~> 2.0)
  irb
  japan_postal_code!
  rake (~> 10.0)
  rspec (~> 3.0)

BUNDLED WITH
   2.0.1
